GIT
  remote: git://github.com/theodi/breasal.git
  revision: 96faedf5eea2a177e19572507949c7b5c558a192
  specs:
    breasal (0.0.1)

GEM
  remote: https://rubygems.org/
  specs:
    builder (3.2.2)
    couchrest (1.2.0)
      mime-types (~> 1.15)
      multi_json (~> 1.0)
      rest-client (~> 1.6.1)
    cucumber (1.3.10)
      builder (>= 2.1.2)
      diff-lcs (>= 1.1.3)
      gherkin (~> 2.12)
      multi_json (>= 1.7.5, < 2.0)
      multi_test (>= 0.0.2)
    diff-lcs (1.2.5)
    dotenv (0.9.0)
    gherkin (2.12.2)
      multi_json (~> 1.3)
    mime-types (1.25.1)
    multi_json (1.8.2)
    multi_test (0.0.2)
    rake (0.9.6)
    rest-client (1.6.7)
      mime-types (>= 1.16)
    rspec (2.14.1)
      rspec-core (~> 2.14.0)
      rspec-expectations (~> 2.14.0)
      rspec-mocks (~> 2.14.0)
    rspec-core (2.14.7)
    rspec-expectations (2.14.4)
      diff-lcs (>= 1.1.3, < 2.0)
    rspec-mocks (2.14.4)
    rubyzip (1.1.0)

PLATFORMS
  ruby

DEPENDENCIES
  breasal!
  couchrest
  cucumber
  dotenv
  rake
  rspec
  rubyzip
