GIT
  remote: git://github.com/theodi/breasal.git
  revision: 96faedf5eea2a177e19572507949c7b5c558a192
  specs:
    breasal (0.0.1)

GEM
  remote: https://rubygems.org/
  specs:
    couchrest (1.2.0)
      mime-types (~> 1.15)
      multi_json (~> 1.0)
      rest-client (~> 1.6.1)
    mime-types (1.25.1)
    multi_json (1.8.2)
    rake (0.9.6)
    rest-client (1.6.7)
      mime-types (>= 1.16)

PLATFORMS
  ruby

DEPENDENCIES
  breasal!
  couchrest
  rake
